GEM
  remote: https://rubygems.org/
  specs:
    Ascii85 (1.0.3)
    afm (0.2.2)
    anki (0.0.4)
    diff-lcs (1.3)
    hashery (2.1.2)
    pdf-reader (2.2.0)
      Ascii85 (~> 1.0.0)
      afm (~> 0.2.1)
      hashery (~> 2.0)
      ruby-rc4
      ttfunk
    rspec (3.8.0)
      rspec-core (~> 3.8.0)
      rspec-expectations (~> 3.8.0)
      rspec-mocks (~> 3.8.0)
    rspec-core (3.8.0)
      rspec-support (~> 3.8.0)
    rspec-expectations (3.8.2)
      diff-lcs (>= 1.2.0, < 2.0)
      rspec-support (~> 3.8.0)
    rspec-mocks (3.8.0)
      diff-lcs (>= 1.2.0, < 2.0)
      rspec-support (~> 3.8.0)
    rspec-support (3.8.0)
    ruby-rc4 (0.1.5)
    tradsim (0.5.1)
    ttfunk (1.5.1)

PLATFORMS
  ruby

DEPENDENCIES
  anki (= 0.0.4)
  pdf-reader (= 2.2.0)
  rspec (= 3.8.0)
  tradsim (= 0.5.1)

BUNDLED WITH
   1.17.3
